GEM
  remote: https://rubygems.org/
  specs:
    dotenv (3.1.7)

PLATFORMS
  arm64-darwin-24
  ruby

DEPENDENCIES
  dotenv (~> 3.1.7)

RUBY VERSION
   ruby 3.4.2p28

BUNDLED WITH
   2.6.2
